GEM
  remote: https://rubygems.org/
  specs:
    coderay (1.1.2)
    concurrent-ruby (1.0.5)
    dotenv (2.0.1)
    httparty (0.13.3)
      json (~> 1.8)
      multi_xml (>= 0.5.2)
    json (1.8.6)
    method_source (0.9.0)
    mini_portile2 (2.3.0)
    multi_xml (0.5.5)
    nokogiri (1.8.1)
      mini_portile2 (~> 2.3.0)
    pry (0.11.1)
      coderay (~> 1.1.0)
      method_source (~> 0.9.0)
    rubyzip (1.2.1)
    rufus-scheduler (3.1.2)
    sequel (5.1.0)
    simple_xlsx_reader (1.0.2)
      nokogiri
      rubyzip
    sqlite3 (1.3.13)
    sucker_punch (2.0.4)
      concurrent-ruby (~> 1.0.0)

PLATFORMS
  ruby

DEPENDENCIES
  dotenv
  httparty
  nokogiri
  pry
  rufus-scheduler
  sequel
  simple_xlsx_reader
  sqlite3
  sucker_punch (~> 2.0)

BUNDLED WITH
   1.15.4
