GEM
  remote: https://rubygems.org/
  specs:
    awesome_print (1.8.0)
    coderay (1.1.2)
    concurrent-ruby (1.0.5)
    daemons (1.2.4)
    dotenv (2.0.1)
    eventmachine (1.2.5)
    faraday (0.12.2)
      multipart-post (>= 1.2, < 3)
    faraday_middleware (0.12.2)
      faraday (>= 0.7.4, < 1.0)
    faraday_middleware-multi_json (0.0.6)
      faraday_middleware
      multi_json
    hashie (3.5.6)
    httparty (0.13.3)
      json (~> 1.8)
      multi_xml (>= 0.5.2)
    json (1.8.6)
    jwt (1.5.6)
    method_source (0.9.0)
    mini_portile2 (2.3.0)
    multi_json (1.12.2)
    multi_xml (0.5.5)
    multipart-post (2.0.0)
    mustermann (1.0.0)
    nokogiri (1.8.1)
      mini_portile2 (~> 2.3.0)
    oauth2 (1.4.0)
      faraday (>= 0.8, < 0.13)
      jwt (~> 1.0)
      multi_json (~> 1.3)
      multi_xml (~> 0.5)
      rack (>= 1.2, < 3)
    oj (3.3.8)
    pry (0.11.1)
      coderay (~> 1.1.0)
      method_source (~> 0.9.0)
    rack (2.0.3)
    rack-protection (2.0.0)
      rack
    rubyzip (1.2.1)
    rufus-scheduler (3.1.2)
    sequel (5.1.0)
    shotgun (0.9.2)
      rack (>= 1.0)
    simple_xlsx_reader (1.0.2)
      nokogiri
      rubyzip
    sinatra (2.0.0)
      mustermann (~> 1.0)
      rack (~> 2.0)
      rack-protection (= 2.0.0)
      tilt (~> 2.0)
    sqlite3 (1.3.13)
    sucker_punch (2.0.4)
      concurrent-ruby (~> 1.0.0)
    thin (1.7.2)
      daemons (~> 1.0, >= 1.0.9)
      eventmachine (~> 1.0, >= 1.0.4)
      rack (>= 1, < 3)
    tilt (2.0.8)
    vkontakte_api (1.4.4)
      faraday (>= 0.9.0)
      faraday_middleware (>= 0.9.1)
      faraday_middleware-multi_json (~> 0.0.6)
      hashie (>= 2.0)
      multi_json (>= 1.3)
      oauth2 (>= 0.8)
      oj (>= 2.12)

PLATFORMS
  ruby

DEPENDENCIES
  awesome_print
  dotenv
  httparty
  nokogiri
  oj
  pry
  rufus-scheduler
  sequel
  shotgun
  simple_xlsx_reader
  sinatra
  sqlite3
  sucker_punch (~> 2.0)
  thin
  vkontakte_api (~> 1.4)

BUNDLED WITH
   1.15.4
